GEM
  remote: https://rubygems.org/
  specs:
    colorize (0.7.7)
    ruby-progressbar (1.8.1)
    sequel (4.42.1)
    sqlite3 (1.3.13-x64-mingw32)

PLATFORMS
  x64-mingw32

DEPENDENCIES
  colorize (~> 0.7.7)
  ruby-progressbar (~> 1.8, >= 1.8.1)
  sequel (~> 4.34)
  sqlite3 (~> 1.3, >= 1.3.11)

BUNDLED WITH
   1.13.6
