GEM
  remote: https://rubygems.org/
  specs:
    colorize (0.7.7)

PLATFORMS
  x64-mingw32

DEPENDENCIES
  colorize (~> 0.7.7)

BUNDLED WITH
   1.12.3
